GEM
  remote: https://rubygems.org/
  specs:
    rack (2.1.4.1)
    rack-cache (1.2)
      rack (>= 0.4)

PLATFORMS
  ruby

DEPENDENCIES
  rack (~> 2.1.4)
  rack-cache (~> 1.2.0)

BUNDLED WITH
   1.17.3
