GEM
  remote: https://rubygems.org/
  specs:
    rack (3.0.0)
    rack-cache (1.1)
      rack (>= 0.4)

PLATFORMS
  ruby

DEPENDENCIES
  rack (~> 3.0.0)
  rack-cache (~> 1.1.0)

BUNDLED WITH
   1.17.3
